Brain Vision Data Exchange Header File Version 1.0
; Written using pybv 0.8.1

[Common Infos]
Codepage=UTF-8
DataFile=sub-001_task-rest_eeg.eeg
MarkerFile=sub-001_task-rest_eeg.vmrk
DataFormat=BINARY
; Data orientation: MULTIPLEXED=ch1,pt1, ch2,pt1 ...
DataOrientation=MULTIPLEXED
NumberOfChannels=4
; Sampling interval in microseconds
SamplingInterval=3906.25

[Binary Infos]
BinaryFormat=IEEE_FLOAT_32

[Channel Infos]
; Each entry: Ch<Channel number>=<Name>,<Reference channel name>,
; <Resolution in "Unit">,<Unit>, Future extensions..
; Fields are delimited by commas, some fields might be omitted (empty).
; Commas in channel names are coded as "\1".
Ch1=Cz,,0.1,µV
Ch2=Fz,,0.1,µV
Ch3=Pz,,0.1,µV
Ch4=Oz,,0.1,µV

[Comment]

